GEM
  remote: https://rubygems.org/
  specs:
    prettier (1.5.5)

PLATFORMS
  ruby

DEPENDENCIES
  prettier

BUNDLED WITH
   2.1.4
